PATH
  remote: .
  specs:
    oo-install (0.0.1)
      bundler
      highline
      i18n
      net-ssh
      rake
      rspec
      terminal-table

GEM
  remote: https://rubygems.org/
  specs:
    diff-lcs (1.2.5)
    highline (1.6.19)
    i18n (0.6.5)
    net-ssh (2.7.0)
    rake (10.4.2)
    rspec (2.14.1)
      rspec-core (~> 2.14.0)
      rspec-expectations (~> 2.14.0)
      rspec-mocks (~> 2.14.0)
    rspec-core (2.14.5)
    rspec-expectations (2.14.3)
      diff-lcs (>= 1.1.3, < 2.0)
    rspec-mocks (2.14.3)
    terminal-table (1.4.5)
    thor (0.19.1)

PLATFORMS
  ruby

DEPENDENCIES
  bundler (= 1.10.6)
  highline (= 1.6.19)
  i18n (= 0.6.5)
  net-ssh (= 2.7.0)
  oo-install!
  rake (= 10.4.2)
  rspec (= 2.14.1)
  rspec-core (= 2.14.5)
  rspec-expectations (= 2.14.3)
  rspec-mocks (= 2.14.3)
  terminal-table (= 1.4.5)
  thor (= 0.19.1)

BUNDLED WITH
   1.10.6
